FRAMEWORK: NET45
NUGET
  remote: https://nuget.org/api/v2
  specs:
    FSharp.Core (4.0.0.1)
    NuGet.CommandLine (3.3.0)
    PPrint (1.4.3)
      FSharp.Core (>= 4.0.0.1)
