FRAMEWORK: >= NET45
NUGET
  remote: https://www.nuget.org/api/v2
  specs:
    FSharp.Core (4.0.0.1)
    PPrint (2.0)
      FSharp.Core (>= 3.1.2.5)
